PATH
  remote: ../..
  specs:
    s4-client (1.2.1)
      faraday (>= 0.9)
      google-protobuf (< 4.0)
      twirp

GEM
  remote: https://rubygems.org/
  specs:
    activesupport (7.0.7.2)
      concurrent-ruby (~> 1.0, >= 1.0.2)
      i18n (>= 1.6, < 2)
      minitest (>= 5.1)
      tzinfo (~> 2.0)
    ast (2.4.2)
    bson (4.13.0)
    coderay (1.1.3)
    concurrent-ruby (1.2.2)
    faraday (0.17.6)
      multipart-post (>= 1.2, < 3)
    google-protobuf (3.25.3)
    i18n (1.14.1)
      concurrent-ruby (~> 1.0)
    method_source (0.9.2)
    minitest (5.14.4)
    mocha (1.13.0)
    mongo (2.16.1)
      bson (>= 4.8.2, < 5.0.0)
    multipart-post (2.4.0)
    parallel (1.21.0)
    parser (3.0.2.0)
      ast (~> 2.4.1)
    pry (0.12.2)
      coderay (~> 1.1.0)
      method_source (~> 0.9.0)
    rack (3.0.9.1)
    rainbow (3.0.0)
    regexp_parser (2.1.1)
    rexml (3.2.5)
    rubocop (1.13.0)
      parallel (~> 1.10)
      parser (>= 3.0.0.0)
      rainbow (>= 2.2.2, < 4.0)
      regexp_parser (>= 1.8, < 3.0)
      rexml
      rubocop-ast (>= 1.2.0, < 2.0)
      ruby-progressbar (~> 1.7)
      unicode-display_width (>= 1.4.0, < 3.0)
    rubocop-ast (1.12.0)
      parser (>= 3.0.1.1)
    rubocop-github (0.16.2)
      rubocop (<= 1.13.0)
      rubocop-performance (<= 1.11.0)
      rubocop-rails (<= 2.7.1)
    rubocop-performance (1.11.0)
      rubocop (>= 1.7.0, < 2.0)
      rubocop-ast (>= 0.4.0)
    rubocop-rails (2.7.1)
      activesupport (>= 4.2.0)
      rack (>= 1.1)
      rubocop (>= 0.87.0)
    ruby-progressbar (1.11.0)
    twirp (1.10.0)
      faraday (< 3)
      google-protobuf (~> 3.0, >= 3.7.0)
    tzinfo (2.0.6)
      concurrent-ruby (~> 1.0)
    unicode-display_width (2.1.0)

PLATFORMS
  ruby

DEPENDENCIES
  activesupport (~> 7.0.4)
  minitest (~> 5.0)
  mocha (~> 1.8)
  mongo (~> 2.16.0)
  pry (~> 0.12.2)
  rubocop-github
  s4-client!

BUNDLED WITH
   2.2.33
