PATH
  remote: ../../
  specs:
    money-open-exchange-rates (0.6.1)
      monetize (~> 1.4)
      money (~> 6.7)

GEM
  specs:
    i18n (0.7.0)
    monetize (1.4.0)
      money (~> 6.7)
    money (6.7.1)
      i18n (>= 0.6.4, <= 0.7.0)
      sixarm_ruby_unaccent (>= 1.1.1, < 2)
    sixarm_ruby_unaccent (1.1.1)

PLATFORMS
  ruby

DEPENDENCIES
  money (~> 6.7)
  money-open-exchange-rates!

BUNDLED WITH
   1.13.1
