PATH
  remote: .
  specs:
    egress (2)

GEM
  remote: https://rubygems.org/
  specs:
    minitest (5.24.0)
    rake (13.2.1)

PLATFORMS
  ruby

DEPENDENCIES
  egress!
  minitest
  rake

BUNDLED WITH
   2.4.6
