PATH
  remote: .
  specs:
    github-scout (0.1.9)
      github-linguist (~> 8)

GEM
  remote: https://rubygems.org/
  specs:
    byebug (11.1.3)
    cgi (0.4.1)
    charlock_holmes (0.7.9)
    github-linguist (8.0.0)
      cgi
      charlock_holmes (~> 0.7.7)
      mini_mime (~> 1.0)
      rugged (~> 1.0)
    mini_mime (1.1.5)
    minitest (5.25.1)
    mocha (2.4.5)
      ruby2_keywords (>= 0.0.5)
    rake (13.2.1)
    rake-compiler (0.9.9)
      rake
    ruby2_keywords (0.0.5)
    rugged (1.7.2)

PLATFORMS
  ruby
  x86_64-darwin-19
  x86_64-linux

DEPENDENCIES
  bundler (>= 1.10)
  byebug
  github-scout!
  minitest (~> 5.14)
  mocha
  rake
  rake-compiler (~> 0.9)

BUNDLED WITH
   2.3.26
