PATH
  remote: .
  specs:
    aqueduct-client (1.0.2)
      faraday
      google-protobuf (~> 3.12)
      nanoid
      twirp (>= 1.1)

GEM
  remote: https://rubygems.org/
  specs:
    diff-lcs (1.4.4)
    faraday (2.7.8)
      faraday-net_http (>= 2.0, < 3.1)
      ruby2_keywords (>= 0.0.4)
    faraday-net_http (3.0.2)
    google-protobuf (3.23.3)
    nanoid (2.0.0)
    rack (2.2.3.1)
    rake (13.0.1)
    rspec (3.10.0)
      rspec-core (~> 3.10.0)
      rspec-expectations (~> 3.10.0)
      rspec-mocks (~> 3.10.0)
    rspec-core (3.10.0)
      rspec-support (~> 3.10.0)
    rspec-expectations (3.10.0)
      diff-lcs (>= 1.2.0, < 2.0)
      rspec-support (~> 3.10.0)
    rspec-mocks (3.10.0)
      diff-lcs (>= 1.2.0, < 2.0)
      rspec-support (~> 3.10.0)
    rspec-support (3.10.0)
    ruby2_keywords (0.0.5)
    twirp (1.10.0)
      faraday (< 3)
      google-protobuf (~> 3.0, >= 3.7.0)
    webrick (1.6.1)

PLATFORMS
  ruby

DEPENDENCIES
  aqueduct-client!
  bundler (~> 2)
  rack
  rake (~> 13.0)
  rspec (~> 3.0)
  webrick

BUNDLED WITH
   2.3.7
