GEM
  remote: https://rubygems.org/
  specs:
    activemodel (6.1.7.6)
      activesupport (= 6.1.7.6)
    activesupport (6.1.7.6)
      concurrent-ruby (~> 1.0, >= 1.0.2)
      i18n (>= 1.6, < 2)
      minitest (>= 5.1)
      tzinfo (~> 2.0)
      zeitwerk (~> 2.3)
    addressable (2.8.6)
      public_suffix (>= 2.0.2, < 6.0)
    argon2 (2.2.0)
      ffi (~> 1.15)
      ffi-compiler (~> 1.0)
    autoprefixer-rails (10.4.13.0)
      execjs (~> 2)
    bcrypt (3.1.18)
    byebug (11.1.3)
    capybara (3.39.0)
      addressable
      matrix
      mini_mime (>= 0.1.3)
      nokogiri (~> 1.8)
      rack (>= 1.6.0)
      rack-test (>= 0.6.3)
      regexp_parser (>= 1.5, < 3.0)
      xpath (~> 3.2)
    chronic (0.10.2)
    enterprise-crypto (0.4.22)
      gpgme (~> 2.0.20)
      posix-spawn
    erubis (2.7.0)
    failbot (2.10.0)
    faraday (2.7.12)
      base64
      faraday-net_http (>= 2.0, < 3.1)
      ruby2_keywords (>= 0.0.4)
    foreman (0.87.2)
    github-ldap (1.10.1.7.g5a50c9c)
      net-ldap (~> 0.16.0)
    hashdiff (1.0.1)
    html-proofer (5.0.7)
      addressable (~> 2.3)
      async (~> 2.1)
      nokogiri (~> 1.13)
      pdf-reader (~> 2.11)
      rainbow (~> 3.0)
      typhoeus (~> 1.3)
      yell (~> 2.0)
      zeitwerk (~> 2.5)
    ladle (1.0.1)
      open4 (~> 1.0)
    licensed (4.4.0)
      json (~> 2.6)
      licensee (~> 9.16)
      parallel (~> 1.22)
      pathname-common_prefix (~> 0.0.1)
      reverse_markdown (~> 2.1)
      ruby-xxHash (~> 0.4.0)
      thor (~> 1.2)
      tomlrb (~> 2.0)
    mail (2.7.1)
      mini_mime (>= 0.1.1)
    mocha (2.0.2)
      ruby2_keywords (>= 0.0.5)
    mysql2 (0.5.5)
    net-ldap (0.16.3)
    net-smtp (0.3.3)
      net-protocol
    nokogiri (1.16.7-x86_64-linux)
      racc (~> 1.4)
    octokit (9.1.0)
      faraday (>= 1, < 3)
      sawyer (~> 0.9)
    openssl-extensions (1.2.1)
    parse-cron (0.1.4)
    pry (0.14.2)
      coderay (~> 1.1)
      method_source (~> 1.0)
    public_suffix (5.0.5)
    racc (1.8.1)
    rack (2.2.8.1)
    rack-proxy (0.7.6)
      rack
    rack-rewrite (1.5.1)
    rack-test (2.0.2)
      rack (>= 1.3)
    rack_csrf (2.7.0)
      rack (>= 1.1.0)
    rake (13.0.6)
    rb-fsevent (0.11.2)
    rerun (0.14.0)
      listen (~> 3.0)
    rexml (3.3.9)
    rubocop (1.51.0)
      json (~> 2.3)
      parallel (~> 1.10)
      parser (>= 3.2.0.0)
      rainbow (>= 2.2.2, < 4.0)
      regexp_parser (>= 1.8, < 3.0)
      rexml (>= 3.2.5, < 4.0)
      rubocop-ast (>= 1.28.0, < 2.0)
      ruby-progressbar (~> 1.7)
      unicode-display_width (>= 2.4.0, < 3.0)
    rubyzip (2.3.2)
    rugged (1.6.3)
    running_man (0.4.0)
    sassc (2.4.0)
      ffi (~> 1.9)
    sequel (5.68.0)
    simplecov (0.22.0)
      docile (~> 1.1)
      simplecov-html (~> 0.11)
      simplecov_json_formatter (~> 0.1)
    sinatra (2.2.3)
      mustermann (~> 2.0)
      rack (~> 2.2)
      rack-protection (= 2.2.3)
      tilt (~> 2.0)
    sinatra-contrib (2.2.3)
      multi_json
      mustermann (~> 2.0)
      rack-protection (= 2.2.3)
      sinatra (= 2.2.3)
      tilt (~> 2.0)
    sprockets (4.1.1)
      concurrent-ruby (~> 1.0)
      rack (> 1, < 3)
    sprockets-helpers (1.4.0)
      sprockets (>= 2.2)
    sshkey (2.0.0)
    test-unit (3.5.7)
      power_assert
    tzinfo (2.0.6)
      concurrent-ruby (~> 1.0)
    uglifier (4.2.0)
      execjs (>= 0.3.0, < 3)
    unicorn (6.1.0)
      kgio (~> 2.6)
      raindrops (~> 0.7)
    warden (1.2.9)
      rack (>= 2.0.9)
    webmock (3.18.1)
      addressable (>= 2.8.0)
      crack (>= 0.3.2)
      hashdiff (>= 0.4.0, < 2.0.0)

GEM
  remote: https://rubygems.pkg.github.com/github/
  specs:
    Ascii85 (1.1.0)
    afm (0.2.2)
    ast (2.4.2)
    async (2.5.0)
      console (~> 1.10)
      io-event (~> 1.1)
      timers (~> 4.1)
    base64 (0.2.0)
    coderay (1.1.3)
    concurrent-ruby (1.2.3)
    console (1.16.2)
      fiber-local
    crack (0.4.5)
      rexml
    docile (1.4.0)
    dotenv (2.8.1)
    ethon (0.16.0)
      ffi (>= 1.15.0)
    execjs (2.8.1)
    faraday-net_http (3.0.2)
    ffi (1.15.5)
    ffi-compiler (1.0.1)
      ffi (>= 1.0.0)
      rake
    fiber-local (1.0.0)
    gpgme (2.0.22)
      mini_portile2 (~> 2.7)
    hashery (2.1.2)
    i18n (1.14.5)
      concurrent-ruby (~> 1.0)
    io-event (1.2.0)
    json (2.6.3)
    kgio (2.11.4)
    licensee (9.17.1)
      dotenv (>= 2, < 4)
      octokit (>= 4.20, < 10.0)
      reverse_markdown (>= 1, < 3)
      rugged (>= 0.24, < 2.0)
      thor (>= 0.19, < 2.0)
    listen (3.8.0)
      rb-fsevent (~> 0.10, >= 0.10.3)
      rb-inotify (~> 0.9, >= 0.9.10)
    matrix (0.4.2)
    method_source (1.0.0)
    mini_mime (1.1.2)
    mini_portile2 (2.8.5)
    minitest (5.20.0)
    multi_json (1.15.0)
    mustermann (2.0.2)
      ruby2_keywords (~> 0.0.1)
    net-protocol (0.2.1)
      timeout
    open4 (1.3.4)
    parallel (1.23.0)
    parser (3.2.2.1)
      ast (~> 2.4.1)
    pathname-common_prefix (0.0.1)
    pdf-reader (2.11.0)
      Ascii85 (~> 1.0)
      afm (~> 0.2.1)
      hashery (~> 2.0)
      ruby-rc4
      ttfunk
    posix-spawn (0.3.15)
    power_assert (2.0.3)
    rack-protection (2.2.3)
      rack
    rainbow (3.1.1)
    raindrops (0.20.1)
    rb-inotify (0.10.1)
      ffi (~> 1.0)
    regexp_parser (2.8.0)
    reverse_markdown (2.1.1)
      nokogiri
    rubocop-ast (1.28.1)
      parser (>= 3.2.1.0)
    ruby-progressbar (1.13.0)
    ruby-rc4 (0.1.5)
    ruby-xxHash (0.4.0.2)
    ruby2_keywords (0.0.5)
    sawyer (0.9.2)
      addressable (>= 2.3.5)
      faraday (>= 0.17.3, < 3)
    simplecov-html (0.12.3)
    simplecov_json_formatter (0.1.4)
    thor (1.2.2)
    tilt (2.1.0)
    timeout (0.3.2)
    timers (4.3.5)
    tomlrb (2.0.3)
    ttfunk (1.7.0)
    typhoeus (1.4.0)
      ethon (>= 0.9.0)
    unicode-display_width (2.4.2)
    unicornfigure (0.1.2)
      failbot
      unicorn
    xpath (3.2.0)
      nokogiri (~> 1.8)
    yell (2.2.2)
    zeitwerk (2.6.15)

PLATFORMS
  x86_64-linux

DEPENDENCIES
  activemodel (~> 6.1)
  activesupport (= 6.1.7.6)
  addressable
  argon2
  autoprefixer-rails
  bcrypt
  byebug
  capybara
  chronic
  enterprise-crypto (= 0.4.22)
  erubis
  failbot (~> 2.10.0)
  faraday (~> 2.7.2)
  foreman (= 0.87.2)
  github-ldap (= 1.10.1.7.g5a50c9c)
  hashdiff
  html-proofer
  ladle (~> 1.0.1)
  licensed
  mail (~> 2.7.1)
  mocha
  mysql2 (~> 0.5.4)
  net-ldap (~> 0.16.0)
  net-smtp
  octokit (~> 9.1)
  openssl-extensions
  parse-cron (~> 0.1.4)
  pry
  public_suffix
  rack (= 2.2.8.1)
  rack-proxy
  rack-rewrite
  rack-test (~> 2.0.2)
  rack_csrf
  rake
  rb-fsevent
  rerun
  rubocop (~> 1.51.0)
  rubyzip
  rugged (~> 1.6.0)
  running_man
  sassc (= 2.4.0)
  sequel (~> 5.63)
  simplecov
  sinatra (= 2.2.3)
  sinatra-contrib (= 2.2.3)
  sprockets (= 4.1.1)
  sprockets-helpers (= 1.4.0)
  sshkey (~> 2.0)
  test-unit
  tzinfo
  uglifier (= 4.2.0)
  unicorn (= 6.1.0)
  unicornfigure (= 0.1.2)!
  warden (~> 1.2)
  webmock

BUNDLED WITH
   2.4.10
