PATH
  remote: .
  specs:
    advisory_db_toolkit (0.4.3)
      json_schema (>= 0.20.4, < 0.22)
      semantic (~> 1.6)

GEM
  remote: https://rubygems.org/
  specs:
    addressable (2.8.7)
      public_suffix (>= 2.0.2, < 7.0)
    ast (2.4.2)
    bigdecimal (3.1.8)
    coderay (1.1.3)
    crack (1.0.0)
      bigdecimal
      rexml
    hashdiff (1.1.0)
    json (2.6.3)
    json_schema (0.21.0)
    method_source (1.0.0)
    minitest (5.17.0)
    mocha (2.4.0)
      ruby2_keywords (>= 0.0.5)
    parallel (1.22.1)
    parser (3.2.0.0)
      ast (~> 2.4.1)
    pry (0.14.2)
      coderay (~> 1.1)
      method_source (~> 1.0)
    public_suffix (6.0.0)
    rainbow (3.1.1)
    rake (13.0.6)
    regexp_parser (2.6.2)
    rexml (3.3.2)
      strscan
    rubocop (1.36.0)
      json (~> 2.3)
      parallel (~> 1.10)
      parser (>= 3.1.2.1)
      rainbow (>= 2.2.2, < 4.0)
      regexp_parser (>= 1.8, < 3.0)
      rexml (>= 3.2.5, < 4.0)
      rubocop-ast (>= 1.20.1, < 2.0)
      ruby-progressbar (~> 1.7)
      unicode-display_width (>= 1.4.0, < 3.0)
    rubocop-ast (1.24.1)
      parser (>= 3.1.1.0)
    rubocop-performance (1.16.0)
      rubocop (>= 1.7.0, < 2.0)
      rubocop-ast (>= 0.4.0)
    ruby-progressbar (1.11.0)
    ruby2_keywords (0.0.5)
    semantic (1.6.1)
    strscan (3.1.0)
    unicode-display_width (2.4.2)
    vcr (6.2.0)
    webmock (3.23.1)
      addressable (>= 2.8.0)
      crack (>= 0.3.2)
      hashdiff (>= 0.4.0, < 2.0.0)

PLATFORMS
  x86_64-linux

DEPENDENCIES
  advisory_db_toolkit!
  minitest (~> 5.0)
  mocha (~> 2.2)
  pry
  rake (~> 13.0)
  rubocop (~> 1.21)
  rubocop-performance (~> 1.16)
  vcr (~> 6.2)
  webmock (~> 3.23)

BUNDLED WITH
   2.5.11
