PATH
  remote: vendor/gitrpc
  specs:
    gitrpc (0.6.0)
      bert (~> 1.1.6)
      charlock_holmes (~> 0.7.6)
      editorconfig (~> 0.1)
      iopromise (~> 0.1.1)
      licensee (~> 9.15)
      msgpack (~> 1.0)
      progeny (~> 0.2.0)
      rugged (>= 1.4.3.102.ga6b7142)
      scientist (= 1.6.4)

PATH
  remote: vendor/internal-gems/ernicorn
  specs:
    ernicorn (1.0.3)
      bert (>= 1.1.0)
      bertrpc (>= 1.0.0)
      unicorn (>= 4.1)

GEM
  remote: https://rubygems.org/
  specs:
    Ascii85 (1.1.0)
    RedCloth (4.3.3)
    acme-client (2.0.9)
      faraday (>= 0.17, < 2.0.0)
    actionmailer (8.0.0.alpha.d7f9347368)
      actionpack (= 8.0.0.alpha.d7f9347368)
      actionview (= 8.0.0.alpha.d7f9347368)
      activejob (= 8.0.0.alpha.d7f9347368)
      activesupport (= 8.0.0.alpha.d7f9347368)
      mail (>= 2.8.0)
      rails-dom-testing (~> 2.2)
    actionpack (8.0.0.alpha.d7f9347368)
      actionview (= 8.0.0.alpha.d7f9347368)
      activesupport (= 8.0.0.alpha.d7f9347368)
      nokogiri (>= 1.8.5)
      racc
      rack (>= 2.2.4)
      rack-session (>= 1.0.1)
      rack-test (>= 0.6.3)
      rails-dom-testing (~> 2.2)
      rails-html-sanitizer (~> 1.6)
      useragent (~> 0.16)
    actions-run-service (0.0.1.r2301dc6)
      twirp (~> 1.1)
    actions-runner-admin (0.0.1.r2aaecbd)
      twirp (~> 1.1)
    actions-usage-metrics (1.0.30)
      faraday (>= 0.17, < 3)
      twirp (~> 1.10)
    actionview (8.0.0.alpha.d7f9347368)
      activesupport (= 8.0.0.alpha.d7f9347368)
      builder (~> 3.1)
      erubi (~> 1.11)
      rails-dom-testing (~> 2.2)
      rails-html-sanitizer (~> 1.6)
    actionview_precompiler (0.3.0.15.g3726384)
      actionview (>= 6.0.a)
    activejob (8.0.0.alpha.d7f9347368)
      activesupport (= 8.0.0.alpha.d7f9347368)
      globalid (>= 0.3.6)
    activemodel (8.0.0.alpha.d7f9347368)
      activesupport (= 8.0.0.alpha.d7f9347368)
    activerecord (8.0.0.alpha.d7f9347368)
      activemodel (= 8.0.0.alpha.d7f9347368)
      activesupport (= 8.0.0.alpha.d7f9347368)
      timeout (>= 0.4.0)
    activesupport (8.0.0.alpha.d7f9347368)
      base64
      bigdecimal
      concurrent-ruby (~> 1.0, >= 1.3.1)
      connection_pool (>= 2.2.5)
      drb
      i18n (>= 1.6, < 2)
      logger (>= 1.4.2)
      minitest (>= 5.1)
      securerandom (>= 0.3)
      tzinfo (~> 2.0, >= 2.0.5)
    addressable (2.8.7)
      public_suffix (>= 2.0.2, < 7.0)
    advisory_db_toolkit (0.4.3.rb2012c057)
      json_schema (>= 0.20.4, < 0.22)
      semantic (~> 1.6)
    afm (0.2.2)
    aleph-client (16.1.0.r8839e09aa)
      faraday (>= 0.17.3, <= 2.3.0)
      google-protobuf (~> 3.14)
      twirp (~> 1.1)
    allocation_sampler (1.0.0)
    android_key_attestation (0.3.0)
    aqueduct-client (1.1.0)
      faraday
      google-protobuf (~> 3.12)
      nanoid
      twirp (>= 1.1)
    arca (2.3.1)
    argon2 (2.2.0)
      ffi (~> 1.15)
      ffi-compiler (~> 1.0)
    asciidoctor (2.0.22)
    ast (2.4.2)
    authnd-client (0.20.0.r6c49365e)
      faraday
      resilient (~> 0.4)
      twirp (~> 1.1)
    authzd-client (0.10.18.r650f14b8d)
      faraday
      google-protobuf (~> 3.14)
      resilient (~> 0.4.0)
      twirp (~> 1.10)
    awrence (1.2.1)
    aws-eventstream (1.1.0)
    aws-partitions (1.430.0)
    aws-sdk-core (3.112.0)
      aws-eventstream (~> 1, >= 1.0.2)
      aws-partitions (~> 1, >= 1.239.0)
      aws-sigv4 (~> 1.1)
      jmespath (~> 1.0)
    aws-sdk-ecr (1.42.0)
      aws-sdk-core (~> 3, >= 3.112.0)
      aws-sigv4 (~> 1.1)
    aws-sdk-kms (1.42.0)
      aws-sdk-core (~> 3, >= 3.112.0)
      aws-sigv4 (~> 1.1)
    aws-sdk-s3 (1.89.0)
      aws-sdk-core (~> 3, >= 3.112.0)
      aws-sdk-kms (~> 1)
      aws-sigv4 (~> 1.1)
    aws-sigv4 (1.2.2)
      aws-eventstream (~> 1, >= 1.0.2)
    azure-core (0.1.15.r9ffe4df)
      faraday (>= 0.9, < 2)
      faraday_middleware (>= 0.10, < 2)
      nokogiri (~> 1.6)
    azure-storage-blob (1.1.0)
      azure-core (~> 0.1.13)
      azure-storage-common (~> 1.0)
      nokogiri (~> 1.6, >= 1.6.8)
    azure-storage-common (1.1.0)
      azure-core (~> 0.1.13)
      nokogiri (~> 1.6, >= 1.6.8)
    azure_key_vault (0.18.0)
      ms_rest_azure (~> 0.12.0)
    badge-ruler (0.0.2)
    base64 (0.2.0)
    bcrypt (3.1.18)
    benchmark-ips (2.13.0)
    benchmark-memory (0.2.0)
      memory_profiler (~> 1)
    bert (1.1.10.49.gaa7e3f5)
      mochilo (>= 1.3, != 2.0)
    bertrpc (1.3.1.github11.2.gd3ec521)
      bert (= 1.1.10.49.gaa7e3f5)
    better_html (2.1.1)
      actionview (>= 6.0)
      activesupport (>= 6.0)
      ast (~> 2.0)
      erubi (~> 1.4)
      parser (>= 2.4)
      smart_properties
    bigdecimal (3.1.8)
    billing-platform-client (0.40.0)
      faraday (>= 0.17, < 3)
      twirp (~> 1.10)
    bindata (2.5.0)
    blackbird-analysis (0.2.0.r9649833ca)
      twirp (~> 1.10)
    blackbird-client (0.1.1.r08d69d9e0)
      google-protobuf (~> 3.14)
      twirp (~> 1.1)
    blackbird-query (0.2.0.r31fb5b7bc)
      twirp (~> 1.10)
    bootsnap (1.18.3)
      msgpack (~> 1.2)
    braintree (4.20.0)
      builder (>= 3.2.4)
      rexml (>= 3.1.9)
    browser (5.3.1)
    builder (3.3.0)
    byebug (11.1.3)
    capybara (3.40.0)
      addressable
      matrix
      mini_mime (>= 0.1.3)
      nokogiri (~> 1.11)
      rack (>= 1.6.0)
      rack-test (>= 0.6.3)
      regexp_parser (>= 1.5, < 3.0)
      xpath (~> 3.2)
    cbor (0.5.9.8)
    cff (1.2.0)
      json_schema (~> 0.20.4)
      language_list (~> 1.2.1)
    cgi (0.4.1)
    charlock_holmes (0.7.9)
    chatops-controller (5.2.0.4.g2193e18)
      actionpack (>= 6.0)
      activesupport (>= 6.0)
    chatterbox-client (2.4.1.48.ge07b52b)
    childprocess (5.0.0)
    chunky_png (1.4.0)
    coconductor (0.10.1)
      licensee (~> 9.9, >= 9.9.4)
      thor (>= 0.18, < 2.0)
      toml (~> 0.2)
    codeowners (0.0.2.r8c811c9)
      pathspec (~> 2.1.0)
    coderay (1.1.3)
    color (1.8)
    commonmarker (0.23.10)
    concurrent-ruby (1.3.3)
    concurrent-ruby-ext (1.3.3)
      concurrent-ruby (= 1.3.3)
    connection_pool (2.4.1)
    console_auth (1.2.0.5.gf15b5be)
      failbot (>= 2.0, < 4)
      fido-challenger-client (~> 0.5)
    constant_resolver (0.2.0)
    contentful (2.17.0)
      http (> 0.8, < 6.0)
      multi_json (~> 1)
    cose (1.3.1)
      cbor (~> 0.5.9)
      openssl-signature_algorithm (~> 1.0)
    crack (1.0.0)
      bigdecimal
      rexml
    crass (1.0.6)
    creole (0.3.6)
    cruby_crash_info (0.1.1)
    css_parser (1.17.1)
      addressable
    csv (3.3.0)
    cuprite (0.15.1)
      capybara (~> 3.0)
      ferrum (~> 0.15.0)
    cvss-suite (3.2.2.rdb2548a)
    dalli (3.2.8)
    datadog_api_client (2.25.0.dev.1.r6c6cc420)
      httparty (~> 0.20, >= 0.20.0)
      uuidtools (~> 2.1.5, >= 2.1.5)
      zeitwerk (~> 2.6, >= 2.6.0)
    date (3.3.4)
    debug (1.9.2)
      irb (~> 1.10)
      reline (>= 0.3.8)
    debugger-ruby_core_source (1.3.8)
    declarative (0.0.20)
    delorean_client (0.4.0.r09ee7b0)
      faraday
    dependency-graph-platform-proto (0.0.3.rb29e2aa)
      twirp (~> 1.7)
    dependency-snapshots-api-proto (0.0.1.r6d8b74a)
      twirp (~> 1.1)
    diet_earthsmoke (0.3.1)
      rbnacl
    diff-lcs (1.5.1)
    digest-crc (0.6.1)
      rake (~> 13.0)
    divvy (1.1.4.g677870a)
    dnsruby (1.61.5)
      simpleidn (~> 0.1)
    docile (1.4.0)
    dogapi (1.45.0)
      multi_json
    dogstatsd-ruby (5.6.0)
    domain_name (0.6.20240107)
    dotenv (2.8.1)
    drb (2.2.1)
    driftwood-client (0.0.1.r6dd5cee8a)
      faraday (>= 0.17, < 3.0)
      twirp
    ecma-re-validator (0.4.0)
      regexp_parser (~> 2.2)
    ed25519 (1.2.4)
    editorconfig (0.2.2)
    egress (1.68.g52b0cd0)
    elastomer-client (6.1.1)
      addressable (~> 2.5)
      faraday (>= 0.17)
      faraday_middleware (>= 0.14)
      multi_json (~> 1.12)
      semantic (~> 1.6)
    email_reply_parser (0.5.11)
    enterprise-crypto (0.5.0)
      gpgme (= 2.0.22)
    erb (4.0.4)
      cgi (>= 0.3.3)
    erb_lint (0.5.0)
      activesupport
      better_html (>= 2.0.1)
      parser (>= 2.7.1.4)
      rainbow
      rubocop
      smart_properties
    erblint-github (1.0.1)
    erubi (1.13.0)
    escape_utils (1.3.0)
    ethon (0.16.0)
      ffi (>= 1.15.0)
    excon (0.71.0)
    expression_parser (0.9.0)
    factory_bot (6.4.6)
      activesupport (>= 5.0.0)
    factory_bot_profile (0.2.0)
      factory_bot (>= 6.2.1)
    factory_bot_rails (6.4.3)
      factory_bot (~> 6.4)
      railties (>= 5.0.0)
    failbot (3.1.3.17.g7ce2e51)
      resilient (>= 0.4)
    faker (3.4.2)
      i18n (>= 1.8.11, < 2)
    faraday (1.10.3)
      faraday-em_http (~> 1.0)
      faraday-em_synchrony (~> 1.0)
      faraday-excon (~> 1.1)
      faraday-httpclient (~> 1.0)
      faraday-multipart (~> 1.0)
      faraday-net_http (~> 1.0)
      faraday-net_http_persistent (~> 1.0)
      faraday-patron (~> 1.0)
      faraday-rack (~> 1.0)
      faraday-retry (~> 1.0)
      ruby2_keywords (>= 0.0.4)
    faraday-cookie_jar (0.0.7)
      faraday (>= 0.8.0)
      http-cookie (~> 1.0.0)
    faraday-em_http (1.0.0)
    faraday-em_synchrony (1.0.0)
    faraday-excon (1.1.0)
    faraday-httpclient (1.0.1)
    faraday-multipart (1.0.4)
      multipart-post (~> 2)
    faraday-net_http (1.0.1)
    faraday-net_http_persistent (1.2.0)
    faraday-patron (1.0.0)
    faraday-rack (1.0.0)
    faraday-retry (1.0.3)
    faraday_middleware (1.2.0)
      faraday (~> 1.0)
    fast_blank (1.0.1)
    fast_gettext (3.1.0)
      prime
    feature_management_feature_flags (1.6.0)
      twirp (~> 1.10)
    ferrum (0.15)
      addressable (~> 2.5)
      concurrent-ruby (~> 1.1)
      webrick (~> 1.7)
      websocket-driver (~> 0.7)
    ffi (1.16.3)
    ffi-compiler (1.0.1)
      ffi (>= 1.0.0)
      rake
    fido-challenger-client (0.10.3)
    flipper (0.23.1)
    fnv (0.2.0)
    forwardable (1.3.3)
    freno-client (0.9.0)
      faraday (< 3)
    gemoji (4.1.0)
    gems (1.2.0)
    geo_pattern (1.5.0)
      color (~> 1.5)
    geoip2_compat (0.0.3)
    get_process_mem (0.2.7)
      ffi (~> 1.0)
    gettext (3.4.3)
      erubi
      locale (>= 2.0.5)
      prime
      text (>= 1.3.0)
    gettext_i18n_rails (1.12.0)
      fast_gettext (>= 0.9.0)
    gibbon (2.2.3.rea42a08)
      faraday (>= 0.9.1)
      multi_json (>= 1.11.0)
    github-ds (0.5.4)
      activerecord (>= 3.2)
    github-kredz (1.0.1.1135.gf4a4623f5)
      twirp (~> 1.1)
    github-kv (0.0.1.rdbd1267)
      activerecord (>= 6.1)
    github-launch (1.0.81.133.g6d3bc4bccf)
      twirp (~> 1.1)
    github-ldap (1.10.1.20.g06d2c92)
      net-ldap (> 0.16.0)
    github-linguist (8.0.0)
      cgi
      charlock_holmes (~> 0.7.7)
      mini_mime (~> 1.0)
      rugged (~> 1.0)
    github-markup (5.0.1)
    github-orca (0.0.20.429.gd4c32c41)
      twirp (~> 1.1)
    github-pages-health-check (1.18.2)
      addressable (~> 2.3)
      dnsruby (~> 1.60)
      octokit (~> 4.0)
      public_suffix (>= 3.0, < 5.0)
      typhoeus (~> 1.3)
    github-proto-octocat (1.0.0.r07ac63f)
      twirp (~> 1.1)
    github-proto-repositories (1.2.11.re9f78aa)
      twirp (~> 1.1)
    github-proto-support (1.1.1.r1d24950)
      twirp (~> 1.1)
    github-proto-users (1.3.0.r47a1f7a)
      twirp (~> 1.1)
    github-scout (0.1.9)
      github-linguist (~> 8)
    github-telemetry (0.49.8)
      opentelemetry-exporter-otlp (~> 0.26, >= 0.26.1)
      opentelemetry-instrumentation-ethon (~> 0.21, >= 0.21.6)
      opentelemetry-instrumentation-excon (~> 0.22, >= 0.21.2)
      opentelemetry-instrumentation-faraday (~> 0.24, >= 0.24.0)
      opentelemetry-instrumentation-graphql (~> 0.28, >= 0.28.4)
      opentelemetry-instrumentation-net_http (~> 0.22, >= 0.22.2)
      opentelemetry-instrumentation-rack (~> 0.23, >= 0.23.3)
      opentelemetry-instrumentation-rails (~> 0.27, >= 0.27.1)
      opentelemetry-instrumentation-ruby_kafka (~> 0.20, >= 0.20.1)
      opentelemetry-instrumentation-trilogy (~> 0.56, >= 0.56.2)
      opentelemetry-registry (~> 0.3, >= 0.3.0)
      opentelemetry-sdk (~> 1.3, >= 1.3.0)
      semantic_logger (= 4.15)
    github-trilogy-adapter (3.0.0.r2b62ea7)
      activerecord (>= 7.1.0.alpha.a)
      trilogy (>= 2.3.0)
    github_chatops_extensions (0.5.2.96.g33cefed)
      chatterbox-client (~> 2.3)
      dogstatsd-ruby (~> 5.6)
      failbot (>= 2.5, < 4)
      fido-challenger-client (~> 0.10.g73f5eb8)
      net-ldap (~> 0.17)
      rack (>= 2.2, < 4.0)
    globalid (1.2.1)
      activesupport (>= 6.1)
    google-api-client (0.53.0)
      google-apis-core (~> 0.1)
      google-apis-generator (~> 0.1)
    google-apis-core (0.11.3)
      addressable (~> 2.5, >= 2.5.1)
      googleauth (>= 0.16.2, < 2.a)
      httpclient (>= 2.8.1, < 3.a)
      mini_mime (~> 1.0)
      representable (~> 3.0)
      retriable (>= 2.0, < 4.a)
      rexml
    google-apis-discovery_v1 (0.14.0)
      google-apis-core (>= 0.11.0, < 2.a)
    google-apis-generator (0.12.0)
      activesupport (>= 5.0)
      gems (~> 1.2)
      google-apis-core (>= 0.11.0, < 2.a)
      google-apis-discovery_v1 (~> 0.5)
      thor (>= 0.20, < 2.a)
    google-protobuf (3.14.0.1.r907f12546)
    googleapis-common-protos-types (1.7.0)
      google-protobuf (~> 3.14)
    googleauth (1.8.1)
      faraday (>= 0.17.3, < 3.a)
      jwt (>= 1.4, < 3.0)
      multi_json (~> 1.11)
      os (>= 0.9, < 2.0)
      signet (>= 0.16, < 2.a)
    goomba (0.0.1.524.g069b966)
    gpgme (2.0.22)
      mini_portile2 (~> 2.7)
    graphql (2.3.10)
      base64
    graphql-batch (0.5.4)
      graphql (>= 1.12.18, < 3)
      promise.rb (~> 0.7.2)
    graphql-client (0.23.0)
      activesupport (>= 3.0)
      graphql (>= 1.13.0)
    graphql-pro (1.27.1)
      graphql (>= 1.7.5)
    graphql-schema_comparator (1.2.1)
      bundler (>= 1.14)
      graphql (>= 1.10, < 3.0)
      thor (>= 0.19, < 2.0)
    group_syncer (1.6.5.re8320a7d)
      twirp (~> 1.1)
    hana (1.3.6)
    hashdiff (1.1.0)
    hashery (2.1.2)
    hashids (1.0.5)
    hashie (5.0.0)
    homograph-detector (0.1.1)
      addressable (~> 2.5)
      unicode-confusable (~> 1.4)
      unicode-scripts (~> 1.3)
    horcrux (0.1.2)
    hosted-compute-ims (0.0.1.r4d1d882f)
      twirp (~> 1.1)
    htmlbeautifier (1.4.3)
    htmlentities (4.3.4)
    http (4.4.1)
      addressable (~> 2.3)
      http-cookie (~> 1.0)
      http-form_data (~> 2.2)
      http-parser (~> 1.2.0)
    http-cookie (1.0.6)
      domain_name (~> 0.5)
    http-form_data (2.3.0)
    http-parser (1.2.3)
      ffi-compiler (>= 1.0, < 2.0)
    httparty (0.22.0)
      csv
      mini_mime (>= 1.0.0)
      multi_xml (>= 0.5.2)
    httpclient (2.8.3.74.g19790ac)
    hydro-client (5.1.0)
      activesupport (> 6.0)
      google-protobuf (>= 3.7, < 5.0)
      ruby-kafka (>= 1.3, < 1.6)
      twirp
      zstd-ruby (~> 1.5, >= 1.5.1.1)
    i18n (1.14.5)
      concurrent-ruby (~> 1.0)
    inline_svg (1.9.0)
      activesupport (>= 3.0)
      nokogiri (>= 1.6)
    io-console (0.7.2)
    iopromise (0.1.5)
      nio4r
      promise.rb (~> 0.7.4)
    ipaddr (1.2.6)
    ipaddress (0.8.0)
    irb (1.13.1)
      rdoc (>= 4.0.0)
      reline (>= 0.4.2)
    issues-graph-client (0.9.0.r34eff86f)
      faraday
      twirp (~> 1.8)
    jmespath (1.6.1)
    json (2.7.1)
    json-schema (4.3.1)
      addressable (>= 2.8)
    json5 (0.0.1)
    json_schema (0.20.9)
    jwt (2.1.0)
    kgio (2.11.4.2.r5481408)
    kusto-data (0.0.1.r613977e)
      sorbet-runtime (~> 0.5)
    ladle (1.0.1)
      open4 (~> 1.0)
    language_list (1.2.1)
    language_server-protocol (3.17.0.3)
    launchy (3.0.0)
      addressable (~> 2.8)
      childprocess (~> 5.0)
    letter_opener (1.10.0)
      launchy (>= 2.2, < 4)
    levenshtein-ffi (1.1.0.r4b20df7)
      ffi (~> 1.9)
    licensed (4.4.0)
      json (~> 2.6)
      licensee (~> 9.16)
      parallel (~> 1.22)
      pathname-common_prefix (~> 0.0.1)
      reverse_markdown (~> 2.1)
      ruby-xxHash (~> 0.4.0)
      thor (~> 1.2)
      tomlrb (~> 2.0)
    licensee (9.16.0)
      dotenv (~> 2.0)
      octokit (>= 4.20, < 7.0)
      reverse_markdown (>= 1, < 3)
      rugged (>= 0.24, < 2.0)
      thor (>= 0.19, < 2.0)
    licensify-client (0.9.0)
      faraday (>= 0.17, < 3)
      twirp (~> 1.10)
    liquid (5.0.0)
    listen (3.3.1)
      rb-fsevent (~> 0.10, >= 0.10.3)
      rb-inotify (~> 0.9, >= 0.9.10)
    locale (2.1.3)
    logger (1.6.0)
    loofah (2.22.0)
      crass (~> 1.0.2)
      nokogiri (>= 1.12.0)
    lookbook (2.2.2)
      activemodel
      css_parser
      htmlbeautifier (~> 1.3)
      htmlentities (~> 4.3.4)
      marcel (~> 1.0)
      railties (>= 5.0)
      redcarpet (~> 3.5)
      rouge (>= 3.26, < 5.0)
      view_component (>= 2.0)
      yard (~> 0.9)
      zeitwerk (~> 2.5)
    lru_redux (0.8.4.14.g99d8d60)
    lz4-ruby (0.3.3)
    mail (2.8.1)
      mini_mime (>= 0.1.1)
      net-imap
      net-pop
      net-smtp
    marcel (1.0.2)
    matrix (0.4.2)
    memcached (1.9.0.r9429dfc)
    memory_profiler (1.0.1)
    method_source (1.1.0)
    meuse-client (1.16.0)
      activesupport
      faraday (>= 0.17, < 3)
      twirp (~> 1.1)
    mime-types-data (3.2024.0702)
    mini_mime (1.1.5)
    mini_portile2 (2.8.7)
    minitest (5.21.2)
    minitest-focus (1.4.0)
      minitest (>= 4, < 6)
    minitest-stub-const (0.6)
    mocha (2.4.5)
      ruby2_keywords (>= 0.0.5)
    mochilo (1.3.8.g0a99999)
    monetize (1.13.0)
      money (~> 6.12)
    money (6.19.0)
      i18n (>= 0.6.4, <= 2)
    money-open-exchange-rates (1.3.0)
      money (~> 6.12)
    mono_logger (1.1.2)
    monolith-twirp-actions-core (1.0.81)
      twirp (~> 1.1)
    monolith-twirp-actionsresults-core (1.17.0)
      twirp (~> 1.1)
    monolith-twirp-advisorydb-advisories (1.0.1)
      twirp (~> 1.1)
    monolith-twirp-auditlog-streaming (1.11.2)
      twirp (~> 1.1)
    monolith-twirp-billing-accounts (1.17.0)
      twirp (~> 1.1)
    monolith-twirp-billing-products (1.1.0)
      twirp (~> 1.1)
    monolith-twirp-billing-repositories (1.0.0)
      twirp (~> 1.1)
    monolith-twirp-classroom-access_check (1.0.0)
      twirp (~> 1.1)
    monolith-twirp-classroom-assignment_reuse (1.1.0)
      twirp (~> 1.1)
    monolith-twirp-classroom-assignments (1.0.0)
      twirp (~> 1.1)
    monolith-twirp-classroom-classroom_codespaces (1.2.0)
      twirp (~> 1.1)
    monolith-twirp-classroom-classroom_repositories (1.1.1)
      twirp (~> 1.1)
    monolith-twirp-classroom-integration (1.0.2)
      twirp (~> 1.1)
    monolith-twirp-classroom-organizations (1.0.1)
      twirp (~> 1.1)
    monolith-twirp-classroom-repositories (1.0.16)
      twirp (~> 1.1)
    monolith-twirp-classroom-sync_classroom (1.0.5)
      twirp (~> 1.1)
    monolith-twirp-classroom-users (1.0.3)
      twirp (~> 1.1)
    monolith-twirp-code_scanning-enterprise (1.0.0)
      twirp (~> 1.1)
    monolith-twirp-code_scanning-managed_analyses (1.4.0)
      twirp (~> 1.1)
    monolith-twirp-code_scanning-suggested_fixes (1.2.0)
      twirp (~> 1.1)
    monolith-twirp-code_scanning-turboghas (1.4.5)
      twirp (~> 1.1)
    monolith-twirp-conduit-feeds (1.8.6)
      twirp (~> 1.1)
    monolith-twirp-copilot-organizations (1.0.9)
      twirp (~> 1.1)
    monolith-twirp-copilot-users (1.4.4)
      twirp (~> 1.10.0)
    monolith-twirp-copilotapi-agents (1.1.8)
      twirp (~> 1.1)
    monolith-twirp-copilotapi-chat (1.0.50)
      twirp (~> 1.1)
    monolith-twirp-copilotapi-code_review (1.0.1)
      twirp (~> 1.1)
    monolith-twirp-copilotapi-core (1.3.1)
      twirp (~> 1.1)
    monolith-twirp-copilotapi-knowledge_bases (1.2.0)
      twirp (~> 1.1)
    monolith-twirp-dependabot-settings (1.9.0)
      twirp (~> 1.1)
    monolith-twirp-dependency_graph-users (1.0.0)
      twirp (~> 1.1)
    monolith-twirp-education_web-orgs (1.2.0)
      twirp (~> 1.1)
    monolith-twirp-education_web-repos (1.3.2)
      twirp (~> 1.1)
    monolith-twirp-education_web-users (1.15.8)
      twirp (~> 1.1)
    monolith-twirp-event_hydrator-event_hydration (1.3.5)
      twirp (~> 1.1)
    monolith-twirp-examples-octocat (1.0.1)
      twirp (~> 1.1)
    monolith-twirp-features-actors (1.0.4)
      twirp (~> 1.1)
    monolith-twirp-features-core (1.1.1)
      twirp (~> 1.1)
    monolith-twirp-features-featureflaghub (1.5.0)
      twirp (~> 1.1)
    monolith-twirp-features-featuresync (1.0.0)
      twirp (~> 1.1)
    monolith-twirp-features-groups (1.0.0)
      twirp (~> 1.1)
    monolith-twirp-git_src_migrator-migrations (1.4.1)
      twirp (~> 1.1)
    monolith-twirp-git_src_migrator-monolith (1.6.3)
      twirp (~> 1.1)
    monolith-twirp-insights-auth (1.3.0)
      twirp (~> 1.1)
    monolith-twirp-insights-core (1.12.1)
      twirp (~> 1.1)
    monolith-twirp-insights-onboarding (1.0.0)
      twirp (~> 1.1)
    monolith-twirp-insights-sql (1.0.4)
      twirp (~> 1.1)
    monolith-twirp-kredz-core (1.0.1)
      twirp (~> 1.1)
    monolith-twirp-licensing-customers (1.4.0)
      twirp (~> 1.1)
    monolith-twirp-licensing-repositories (1.0.0)
      twirp (~> 1.1)
    monolith-twirp-mailreplies-replies (1.0.0)
      twirp (~> 1.1)
    monolith-twirp-merge-queue-go-mergequeuemonolith (1.0.2)
      twirp (~> 1.1)
    monolith-twirp-merge-queue-go-mergequeueservice (1.0.2)
      twirp (~> 1.1)
    monolith-twirp-notifications-notifyd (1.2.8)
      twirp (~> 1.1)
    monolith-twirp-octoshift-imports (1.61.0)
      twirp (~> 1.1)
    monolith-twirp-octoshift-migrations (1.7.0)
      twirp (~> 1.1)
    monolith-twirp-packageregistry-auditlog (1.0.2)
      twirp (~> 1.1)
    monolith-twirp-pages-pagesdeployerapi (1.9.8)
      twirp (~> 1.1)
    monolith-twirp-pages-pagesdfsapi (1.1.8)
      twirp (~> 1.1)
    monolith-twirp-pipelinemonitor-monitoring (1.0.2)
      twirp (~> 1.1)
    monolith-twirp-proxima-enterprisemanagement (1.1.0)
      twirp (~> 1.1)
    monolith-twirp-registrymetadata-core (1.14.0)
      twirp (~> 1.1)
    monolith-twirp-snippy-snippy (1.0.4)
      twirp (~> 1.1)
    monolith-twirp-spokesd-core (1.0.0)
      twirp (~> 1.1)
    monolith-twirp-support-helphub (1.43.0)
      twirp (~> 1.1)
    monolith-twirp-trusttiers-trusttier (1.0.3)
      twirp (~> 1.1)
    monolith-twirp-webhooks-core (1.7.0)
      twirp (~> 1.1)
    monolith-twirp-webhooksubscriptions-subscriptions (1.2.0)
      twirp (~> 1.10.0)
    ms_rest (0.7.6)
      concurrent-ruby (~> 1.0)
      faraday (>= 0.9, < 2.0.0)
      timeliness (~> 0.3.10)
    ms_rest_azure (0.12.0)
      concurrent-ruby (~> 1.0)
      faraday (>= 0.9, < 2.0.0)
      faraday-cookie_jar (~> 0.0.6)
      ms_rest (~> 0.7.6)
    msgpack (1.7.2)
    multi_json (1.15.0)
    multi_xml (0.7.1)
      bigdecimal (~> 3.1)
    multipart-post (2.4.1)
    mustache (1.1.1.r28cb499)
    mustermann (2.0.2)
      ruby2_keywords (~> 0.0.1)
    nanoid (2.0.0)
    net-ftp (0.3.4)
      net-protocol
      time
    net-http-persistent (4.0.2)
      connection_pool (~> 2.2)
    net-imap (0.4.10)
      date
      net-protocol
    net-ldap (0.17.1)
    net-pop (0.1.2)
      net-protocol
    net-protocol (0.2.2)
      timeout
    net-smtp (0.5.0)
      net-protocol
    net_http_unix (0.2.2)
    netrc (0.11.0)
    nio4r (2.5.8)
    nokogiri (1.16.7)
      mini_portile2 (~> 2.8.2)
      racc (~> 1.4)
    notifyd-client (1.7.0.r0e43c1bb1)
      faraday (>= 0.17, < 2)
      google-protobuf (~> 3.14)
      resilient (~> 0.4.0)
      sorbet-runtime
      twirp (~> 1.10)
    oa-core (0.3.2.g3930d46)
    oa-enterprise (0.3.2.g3930d46)
      addressable (~> 2.2)
      net-ldap (>= 0.2.2)
      nokogiri (~> 1.5)
      oa-core (= 0.3.2.g3930d46)
      pyu-ruby-sasl (~> 0.0.3.1)
      rubyntlm (~> 0.1.1)
      xmlcanonicalizer (~> 0.1.2)
    oauth2 (2.0.9)
      faraday (>= 0.17.3, < 3.0)
      jwt (>= 1.0, < 3.0)
      multi_xml (~> 0.5)
      rack (>= 1.2, < 4)
      snaky_hash (~> 2.0)
      version_gem (~> 1.1)
    observer (0.1.2)
    octicons (19.11.0)
    octicons_helper (19.11.0)
      actionview
      octicons (= 19.11.0)
      railties
    octokit (4.20.0)
      faraday (>= 0.9)
      sawyer (~> 0.8.0, >= 0.5.3)
    octolytics (0.19.0)
    open4 (1.0.1)
    openssl (3.2.0)
    openssl-signature_algorithm (1.3.0)
      openssl (> 2.0)
    opentelemetry-api (1.2.5)
    opentelemetry-common (0.21.0)
      opentelemetry-api (~> 1.0)
    opentelemetry-exporter-otlp (0.27.0)
      google-protobuf (~> 3.14)
      googleapis-common-protos-types (~> 1.3)
      opentelemetry-api (~> 1.1)
      opentelemetry-common (~> 0.20)
      opentelemetry-sdk (~> 1.2)
      opentelemetry-semantic_conventions
    opentelemetry-helpers-mysql (0.1.1)
      opentelemetry-api (~> 1.0)
      opentelemetry-common (~> 0.21)
    opentelemetry-helpers-sql-obfuscation (0.1.1)
      opentelemetry-common (~> 0.21)
    opentelemetry-instrumentation-action_mailer (0.1.0)
      opentelemetry-api (~> 1.0)
      opentelemetry-instrumentation-active_support (~> 0.1)
      opentelemetry-instrumentation-base (~> 0.22.1)
    opentelemetry-instrumentation-action_pack (0.9.0)
      opentelemetry-api (~> 1.0)
      opentelemetry-instrumentation-base (~> 0.22.1)
      opentelemetry-instrumentation-rack (~> 0.21)
    opentelemetry-instrumentation-action_view (0.7.1)
      opentelemetry-api (~> 1.0)
      opentelemetry-instrumentation-active_support (~> 0.1)
      opentelemetry-instrumentation-base (~> 0.22.1)
    opentelemetry-instrumentation-active_job (0.7.4)
      opentelemetry-api (~> 1.0)
      opentelemetry-instrumentation-base (~> 0.22.1)
    opentelemetry-instrumentation-active_record (0.7.2)
      opentelemetry-api (~> 1.0)
      opentelemetry-instrumentation-base (~> 0.22.1)
    opentelemetry-instrumentation-active_support (0.6.0)
      opentelemetry-api (~> 1.0)
      opentelemetry-instrumentation-base (~> 0.22.1)
    opentelemetry-instrumentation-base (0.22.5)
      opentelemetry-api (~> 1.0)
      opentelemetry-common (~> 0.21)
      opentelemetry-registry (~> 0.1)
    opentelemetry-instrumentation-ethon (0.21.8)
      opentelemetry-api (~> 1.0)
      opentelemetry-instrumentation-base (~> 0.22.1)
    opentelemetry-instrumentation-excon (0.22.4)
      opentelemetry-api (~> 1.0)
      opentelemetry-instrumentation-base (~> 0.22.1)
    opentelemetry-instrumentation-faraday (0.24.6)
      opentelemetry-api (~> 1.0)
      opentelemetry-instrumentation-base (~> 0.22.1)
    opentelemetry-instrumentation-graphql (0.28.4)
      opentelemetry-api (~> 1.0)
      opentelemetry-instrumentation-base (~> 0.22.1)
    opentelemetry-instrumentation-net_http (0.22.7)
      opentelemetry-api (~> 1.0)
      opentelemetry-instrumentation-base (~> 0.22.1)
    opentelemetry-instrumentation-rack (0.24.6)
      opentelemetry-api (~> 1.0)
      opentelemetry-instrumentation-base (~> 0.22.1)
    opentelemetry-instrumentation-rails (0.31.1)
      opentelemetry-api (~> 1.0)
      opentelemetry-instrumentation-action_mailer (~> 0.1.0)
      opentelemetry-instrumentation-action_pack (~> 0.9.0)
      opentelemetry-instrumentation-action_view (~> 0.7.0)
      opentelemetry-instrumentation-active_job (~> 0.7.0)
      opentelemetry-instrumentation-active_record (~> 0.7.0)
      opentelemetry-instrumentation-active_support (~> 0.6.0)
      opentelemetry-instrumentation-base (~> 0.22.1)
    opentelemetry-instrumentation-ruby_kafka (0.21.3)
      opentelemetry-api (~> 1.0)
      opentelemetry-instrumentation-base (~> 0.22.1)
    opentelemetry-instrumentation-trilogy (0.59.3)
      opentelemetry-api (~> 1.0)
      opentelemetry-helpers-mysql
      opentelemetry-helpers-sql-obfuscation
      opentelemetry-instrumentation-base (~> 0.22.1)
      opentelemetry-semantic_conventions (>= 1.8.0)
    opentelemetry-registry (0.3.1)
      opentelemetry-api (~> 1.1)
    opentelemetry-sdk (1.4.1)
      opentelemetry-api (~> 1.1)
      opentelemetry-common (~> 0.20)
      opentelemetry-registry (~> 0.2)
      opentelemetry-semantic_conventions
    opentelemetry-semantic_conventions (1.10.0)
      opentelemetry-api (~> 1.0)
    optimist (3.1.0)
    org-ruby (0.9.12.re74a318)
      rubypants (~> 0.2)
    os (1.1.4)
    packwerk (3.2.1)
      activesupport (>= 6.0)
      ast
      better_html
      bundler
      constant_resolver (>= 0.2.0)
      parallel
      parser
      prism (>= 0.25.0)
      sorbet-runtime (>= 0.5.9914)
      zeitwerk (>= 2.6.1)
    packwerk-extensions (0.3.0)
      packwerk (>= 2.2.1)
      railties (>= 6.0.0)
      sorbet-runtime
      zeitwerk
    pandoc-ruby (2.1.10)
    parallel (1.24.0)
    parse_packwerk (0.23.0)
      bigdecimal
      sorbet-runtime
    parser (3.3.4.0)
      ast (~> 2.4.1)
      racc
    parslet (2.0.0)
    pathname-common_prefix (0.0.1)
    pathspec (2.1.0)
    pdf-core (0.10.0)
    pdf-reader (2.12.0)
      Ascii85 (~> 1.0)
      afm (~> 0.2.1)
      hashery (~> 2.0)
      ruby-rc4
      ttfunk
    phonelib (0.8.8.r1dd4d1e)
    pinglish (0.2.1)
      rack
    prawn (2.5.0)
      matrix (~> 0.4)
      pdf-core (~> 0.10.0)
      ttfunk (~> 1.8)
    prawn-svg (0.35.1)
      css_parser (~> 1.6)
      matrix (~> 0.4.2)
      prawn (>= 0.11.1, < 3)
      rexml (>= 3.2.0, < 4)
    prawn-table (0.2.2)
      prawn (>= 1.3.0, < 3.0.0)
    prelude-batch-loader (0.0.5.r09fbb3d)
      activerecord (>= 6)
    premailer (1.24.0)
      addressable
      css_parser (>= 1.12.0)
      htmlentities (>= 4.0.0)
    presto-client (0.6.3.r0b63000)
      faraday (>= 0.12)
      msgpack (>= 0.7.0)
    prettier_print (1.2.1)
    prime (0.1.2)
      forwardable
      singleton
    primer_view_components (0.32.0)
      actionview (>= 5.0.0)
      activesupport (>= 5.0.0)
      octicons (>= 18.0.0)
      view_component (>= 3.1, < 4.0)
    prism (0.30.0)
    progeny (0.2.1)
    prometheus_exporter (0.5.3)
    promise.rb (0.7.4)
    prose_diff (0.3.3)
      diff-lcs (~> 1.4)
      ffi (~> 1.9)
      levenshtein-ffi
      nokogiri (~> 1.6)
    proto-dependabot-api (0.0.26.ra219bf26d)
      twirp (~> 1.1)
    proto-dependency-graph-api (1.0.0.r0fe2c55b1)
      twirp (~> 1.1)
    proto-registry-metadata-api (1.11.1.1.g0ad5cd3c6)
      twirp (~> 1.1)
    proto-registry-metadata-migrator-api (1.10.6.83.g459bcec7)
      twirp (~> 1.1)
    proto-trust-metadata-api (0.11.0.r3f3e5570)
      faraday (>= 0.17)
      sorbet-runtime
      twirp (~> 1.1)
    pry (0.14.2)
      coderay (~> 1.1)
      method_source (~> 1.0)
    psych (5.1.2)
      stringio
    public_suffix (4.0.7)
    pyu-ruby-sasl (0.0.3.3)
    racc (1.8.1)
    rack (2.2.9)
    rack-protection (2.2.3)
      rack
    rack-session (1.0.2)
      rack (< 3)
    rack-test (2.1.0)
      rack (>= 1.3)
    rackup (1.0.0)
      rack (< 3)
      webrick
    rails-controller-testing (1.0.5)
      actionpack (>= 5.0.1.rc1)
      actionview (>= 5.0.1.rc1)
      activesupport (>= 5.0.1.rc1)
    rails-dom-testing (2.2.0)
      activesupport (>= 5.0.0)
      minitest
      nokogiri (>= 1.6)
    rails-html-sanitizer (1.6.0)
      loofah (~> 2.21)
      nokogiri (~> 1.14)
    railties (8.0.0.alpha.d7f9347368)
      actionpack (= 8.0.0.alpha.d7f9347368)
      activesupport (= 8.0.0.alpha.d7f9347368)
      irb (~> 1.13)
      rackup (>= 1.0.0)
      rake (>= 12.2)
      thor (~> 1.0, >= 1.2.2)
      zeitwerk (~> 2.6)
    rainbow (3.1.1)
    raindrops (0.20.1.2.gb321241)
    rake (13.2.1)
    rapidjson (0.3.0)
    rb-fsevent (0.11.2)
    rb-inotify (0.10.1)
      ffi (~> 1.0)
    rbi (0.1.13)
      prism (>= 0.18.0, < 1.0.0)
      sorbet-runtime (>= 0.5.9204)
    rblineprof (0.3.7)
      debugger-ruby_core_source (~> 1.3)
    rbnacl (7.1.1)
      ffi
    rbtrace (0.5.1)
      ffi (>= 1.0.6)
      msgpack (>= 0.4.3)
      optimist (>= 3.0.0)
    rdoc (6.7.0)
      psych (>= 4.0.0)
    re2 (2.9.0)
      mini_portile2 (~> 2.8.5)
    redcarpet (3.6.0)
    redis (4.1.0)
    redis-namespace (1.6.0)
      redis (>= 3.0.4)
    regexp_parser (2.9.2)
    reline (0.5.9)
      io-console (~> 0.5)
    representable (3.2.0)
      declarative (< 0.1.0)
      trailblazer-option (>= 0.1.1, < 0.2.0)
      uber (< 0.2.0)
    resilient (0.4.0)
    resqued (0.13.0)
      kgio (~> 2.6)
      mono_logger (~> 1.0)
    retriable (3.1.2)
    reverse_markdown (2.1.1)
      nokogiri
    rexml (3.3.4)
      strscan
    rich_text_renderer (0.2.2)
    rinku (2.0.6.r8583fe1)
    rollup (0.7.0.10.g47bf997)
    rotp (6.3.0)
    rouge (4.2.0)
    rqrcode (0.10.1)
      chunky_png (~> 1.0)
    rubocop (1.62.1)
      json (~> 2.3)
      language_server-protocol (>= 3.17.0)
      parallel (~> 1.10)
      parser (>= 3.3.0.2)
      rainbow (>= 2.2.2, < 4.0)
      regexp_parser (>= 1.8, < 3.0)
      rexml (>= 3.2.5, < 4.0)
      rubocop-ast (>= 1.31.1, < 2.0)
      ruby-progressbar (~> 1.7)
      unicode-display_width (>= 2.4.0, < 3.0)
    rubocop-ast (1.31.2)
      parser (>= 3.3.0.4)
    rubocop-github (0.21.0.r5431a42)
      rubocop (>= 1.37)
      rubocop-performance (>= 1.15)
      rubocop-rails (>= 2.17)
    rubocop-performance (1.17.1)
      rubocop (>= 1.7.0, < 2.0)
      rubocop-ast (>= 0.4.0)
    rubocop-rails (2.19.1)
      activesupport (>= 4.2.0)
      rack (>= 1.1)
      rubocop (>= 1.33.0, < 2.0)
    rubocop-rails-accessibility (1.0.1)
      rubocop (>= 1.0.0)
    rubocop-sorbet (0.7.3)
      rubocop (>= 0.90.0)
    ruby-kafka (1.3.0)
      digest-crc
    ruby-progressbar (1.13.0)
    ruby-rc4 (0.1.5)
    ruby-saml (1.16.0.7.g6e33ed3)
      nokogiri (>= 1.13.10)
      rexml
    ruby-xxHash (0.4.0.2)
    ruby2_keywords (0.0.5)
    rubyntlm (0.1.1)
    rubypants (0.7.0.15.g6478da5)
    rubyzip (3.0.0.alpha.18.g5c6a7c9)
    rugged (1.4.3.102.ga6b7142)
    s4-client (1.2.1.r10ab0de)
      faraday (>= 0.9)
      google-protobuf (< 4.0)
      twirp
    safety_net_attestation (0.4.0)
      jwt (~> 2.0)
    sanitize (6.0.2)
      crass (~> 1.0.2)
      nokogiri (>= 1.12.0)
    sarif (0.1.1.r15d659b)
      activesupport
      ffi
    sawyer (0.8.2)
      addressable (>= 2.3.5)
      faraday (> 0.8, < 2.0)
    scientist (1.6.4)
    scrolls (0.9.3)
    secret-scanning-proto (0.0.1.r168781f)
      faraday (>= 0.15.4)
      google-protobuf (~> 3.9)
      twirp (~> 1.1)
    secure_headers (6.7.0)
    securerandom (0.3.1)
    security-center-proto (0.0.1.rc56390b)
      faraday (>= 0.15.4)
      google-protobuf (~> 3.9)
      twirp (~> 1.1)
    selenium-webdriver (4.22.0)
      base64 (~> 0.2)
      logger (~> 1.4)
      rexml (~> 3.2, >= 3.2.5)
      rubyzip (>= 1.2.2, < 3.0)
      websocket (~> 1.0)
    semantic (1.6.1)
    semantic_logger (4.15.0)
      concurrent-ruby (~> 1.0)
    service-catalog-client (0.7.0)
      activesupport
    serviceowners (1.5.0)
      json_schema (~> 0.20)
      parallel (~> 1.21)
      parser (~> 3.2)
      sorbet-runtime (~> 0.5)
    shed (0.0.4.2.g2652da3)
    signet (0.19.0)
      addressable (~> 2.8)
      faraday (>= 0.17.5, < 3.a)
      jwt (>= 1.5, < 3.0)
      multi_json (~> 1.10)
    simple_uuid (0.3.0)
    simplecov (0.22.0)
      docile (~> 1.1)
      simplecov-html (~> 0.11)
      simplecov_json_formatter (~> 0.1)
    simplecov-html (0.12.3)
    simplecov-lcov (0.8.0)
    simplecov_json_formatter (0.1.4)
    simpleidn (0.2.1)
      unf (~> 0.1.4)
    sinatra (2.2.3)
      mustermann (~> 2.0)
      rack (~> 2.2)
      rack-protection (= 2.2.3)
      tilt (~> 2.0)
    singleton (0.2.0)
    smart_properties (1.17.0)
    snaky_hash (2.0.1)
      hashie
      version_gem (~> 1.1, >= 1.1.1)
    sorbet (0.5.11284)
      sorbet-static (= 0.5.11284)
    sorbet-runtime (0.5.11284)
    sorbet-static (0.5.11284-x86_64-linux)
    sorbet-static-and-runtime (0.5.11284)
      sorbet (= 0.5.11284)
      sorbet-runtime (= 0.5.11284)
    sourcemap (0.1.1)
    spamurai-dev-kit (3.0.1)
      dogstatsd-ruby
      msgpack
      octicons
    spokes-proto (0.0.1.r2967d980)
      rack (>= 2.2.3)
      twirp (~> 1.1)
    spoom (1.2.4)
      erubi (>= 1.10.0)
      sorbet-static-and-runtime (>= 0.5.10187)
      syntax_tree (>= 6.1.1)
      thor (>= 0.19.2)
    sqlite3 (1.6.9)
      mini_portile2 (~> 2.8.0)
    ssh_data (1.3.0.20.g4ec1875)
    sshkey (1.3.3)
    stackprof (0.2.26)
    statsd-ruby (0.3.0.github.3.38.gd478cc7)
    stringio (3.1.1)
    stripe (8.7.0)
    strscan (3.1.0)
    syntax_tree (6.2.0)
      prettier_print (>= 1.2.0)
    syslog (0.1.2)
    tapioca (0.12.0.r3b454602)
      bundler (>= 2.2.25)
      netrc (>= 0.11.0)
      parallel (>= 1.21.0)
      rbi (>= 0.1.4, < 0.2)
      sorbet-static-and-runtime (>= 0.5.10820)
      spoom (~> 1.2.0, >= 1.2.0)
      thor (>= 1.2.0)
      yard-sorbet
    tcr (0.4.0)
    terminal-table (1.6.0)
    text (1.3.1)
    thor (1.3.1)
    tilt (2.0.11)
    time (0.3.0)
      date
    timecop (0.9.8)
    timeline-client (0.0.4.rca2d618)
      faraday
      twirp (~> 1.8)
    timeliness (0.3.10)
    timeout (0.4.1)
    toml (0.3.0)
      parslet (>= 1.8.0, < 3.0.0)
    tomlrb (2.0.3)
    toxiproxy (2.0.2)
    tpm-key_attestation (0.12.1)
      bindata (~> 2.4)
      openssl (> 2.0)
      openssl-signature_algorithm (~> 1.0)
    trailblazer-option (0.1.2)
    treelights-client (2.0.0.r8bfa33a)
      faraday (>= 0.9)
      google-protobuf (~> 3.5)
      twirp (~> 1.1)
    trilogy (2.8.1)
    ttfunk (1.8.0)
      bigdecimal (~> 3.1)
    turboghas-client (1.0.0.r999b9015)
      faraday
      google-protobuf
      monolith-twirp-code_scanning-turboghas
      twirp
    turbomodel-client (1.0.0.r570da49)
      faraday
      google-protobuf
      twirp
    turboscan-client (1.0.0.rcd41b6629)
      faraday (>= 0.15.4)
      google-protobuf (>= 3.14, < 5.0)
      twirp (~> 1.10)
    twilio-ruby (6.2.0)
      faraday (>= 0.9, < 3.0)
      jwt (>= 1.5, < 3.0)
      nokogiri (>= 1.6, < 2.0)
    twirp (1.10.0)
      faraday (< 3)
      google-protobuf (~> 3.0, >= 3.7.0)
    typhoeus (1.4.1)
      ethon (>= 0.9.0)
    tzinfo (2.0.6)
      concurrent-ruby (~> 1.0)
    tzinfo-data (1.2024.1)
      tzinfo (>= 1.0.0)
    uber (0.1.0)
    unf (0.1.4)
      unf_ext
    unf_ext (0.0.9.1)
    unicode-confusable (1.7.0)
    unicode-display_width (2.5.0)
    unicode-scripts (1.6.0)
    unicorn (6.1.0)
      kgio (~> 2.6)
      raindrops (~> 0.7)
    useragent (0.16.10)
    uuidtools (2.1.5.1.gbeb132a)
    vcr (6.1.0)
    vernier (1.1.1.1.g7e44276)
    version_gem (1.1.4)
    version_sorter (2.3.0)
    vexi (0.2.28)
      activesupport (>= 7.0)
      feature_management_feature_flags (>= 1.6, < 1.8)
      fnv (= 0.2.0)
      sorbet-runtime (~> 0.5)
      zache (= 0.13.2)
    vexi_management (0.1.5)
      sorbet-runtime (~> 0.5)
      vexi
    view_component (3.13.0)
      activesupport (>= 5.2.0, < 8.0)
      concurrent-ruby (~> 1.0)
      method_source (~> 1.0)
    wcag_color_contrast (0.1.0)
    webauthn (3.1.0)
      android_key_attestation (~> 0.3.0)
      awrence (~> 1.1)
      bindata (~> 2.4)
      cbor (~> 0.5.9)
      cose (~> 1.1)
      openssl (>= 2.2)
      safety_net_attestation (~> 0.4.0)
      tpm-key_attestation (~> 0.12.0)
    webmock (3.23.1)
      addressable (>= 2.8.0)
      crack (>= 0.3.2)
      hashdiff (>= 0.4.0, < 2.0.0)
    webrick (1.8.1.32.g0c600e1)
    websocket (1.2.11)
    websocket-driver (0.7.6)
      websocket-extensions (>= 0.1.0)
    websocket-extensions (0.1.5)
    wikicloth (0.8.4.github.rf8188e2)
      builder (~> 3.2)
      expression_parser (~> 0.9.0)
      i18n (~> 1.7)
      rinku (~> 2.0)
    will_paginate (4.0.1)
    windbeam_api (0.15.0)
      faraday
      twirp
    xmlcanonicalizer (0.1.2)
    xmldsig (0.7.0)
      nokogiri (>= 1.6.8, < 2.0.0)
    xpath (3.2.0)
      nokogiri (~> 1.8)
    yajl-ruby (1.4.3)
    yard (0.9.36)
    yard-sorbet (0.9.0)
      sorbet-runtime
      yard
    zache (0.13.2)
    zeitwerk (2.6.17)
    zstd-ruby (1.5.1.1)
    zuorest (3.0.2)
      activesupport
      faraday
      faraday_middleware
      oauth2 (>= 1.4)

PLATFORMS
  x86_64-linux

DEPENDENCIES
  RedCloth (= 4.3.3)
  acme-client (= 2.0.9)
  actionmailer (= 8.0.0.alpha.d7f9347368)
  actionpack (= 8.0.0.alpha.d7f9347368)
  actions-run-service (= 0.0.1.r2301dc6)
  actions-runner-admin (= 0.0.1.r2aaecbd)
  actions-usage-metrics (= 1.0.30)
  actionview (= 8.0.0.alpha.d7f9347368)
  actionview_precompiler (= 0.3.0.15.g3726384)
  activejob (= 8.0.0.alpha.d7f9347368)
  activemodel (= 8.0.0.alpha.d7f9347368)
  activerecord (= 8.0.0.alpha.d7f9347368)
  activesupport (= 8.0.0.alpha.d7f9347368)
  addressable (~> 2.8)
  advisory_db_toolkit (= 0.4.3.rb2012c057)
  aleph-client (= 16.1.0.r8839e09aa)
  allocation_sampler (= 1.0.0)
  aqueduct-client (= 1.1.0)
  arca (~> 2.3)
  argon2
  asciidoctor (= 2.0.22)
  authnd-client (= 0.20.0.r6c49365e)
  authzd-client (= 0.10.18.r650f14b8d)
  aws-sdk-ecr (~> 1.2)
  aws-sdk-s3 (~> 1)
  azure-storage-blob (~> 1.1.0)
  azure_key_vault (~> 0.18.0)
  badge-ruler (= 0.0.2)
  bcrypt
  benchmark-ips (~> 2.13)
  benchmark-memory
  bert (= 1.1.10.49.gaa7e3f5)
  bertrpc (= 1.3.1.github11.2.gd3ec521)
  billing-platform-client (= 0.40.0)
  bindata (= 2.5.0)
  blackbird-analysis (= 0.2.0.r9649833ca)
  blackbird-client (= 0.1.1.r08d69d9e0)
  blackbird-query (= 0.2.0.r31fb5b7bc)
  bootsnap
  braintree (~> 4.0)
  browser (= 5.3.1)
  builder (= 3.3.0)
  byebug (= 11.1.3)
  capybara (= 3.40.0)
  cbor (= 0.5.9.8)
  cff (= 1.2.0)
  charlock_holmes (= 0.7.9)
  chatops-controller (= 5.2.0.4.g2193e18)
  chatterbox-client (= 2.4.1.48.ge07b52b)
  chunky_png (~> 1.4.0)
  coconductor (~> 0.9)
  codeowners (= 0.0.2.r8c811c9)
  color (= 1.8)
  commonmarker (= 0.23.10)
  concurrent-ruby-ext
  console_auth (= 1.2.0.5.gf15b5be)
  contentful (~> 2.17)
  creole (= 0.3.6)
  cruby_crash_info
  css_parser (= 1.17.1)
  csv (= 3.3.0)
  cuprite (= 0.15.1)
  cvss-suite (= 3.2.2.rdb2548a)
  dalli (= 3.2.8)
  datadog_api_client (= 2.25.0.dev.1.r6c6cc420)
  date (~> 3.3)
  debug
  delorean_client (= 0.4.0.r09ee7b0)
  dependency-graph-platform-proto (= 0.0.3.rb29e2aa)
  dependency-snapshots-api-proto (= 0.0.1.r6d8b74a)
  diet_earthsmoke (= 0.3.1)
  diff-lcs
  divvy (= 1.1.4.g677870a)
  dnsruby (= 1.61.5)
  dogapi (~> 1.45.0)
  dogstatsd-ruby (~> 5.6.0)
  dotenv (~> 2.7)
  driftwood-client (= 0.0.1.r6dd5cee8a)
  ecma-re-validator (~> 0.1)
  ed25519 (~> 1.2)
  egress (= 1.68.g52b0cd0)
  elastomer-client (= 6.1.1)
  email_reply_parser (= 0.5.11)
  enterprise-crypto (= 0.5.0)
  erb (~> 4.0)
  erb_lint (= 0.5.0)
  erblint-github (= 1.0.1)
  ernicorn (= 1.0.3)!
  escape_utils (= 1.3)
  ethon (= 0.16.0)
  excon (~> 0.71)
  factory_bot_profile
  factory_bot_rails (~> 6.2)
  failbot (= 3.1.3.17.g7ce2e51)
  faker (~> 3.4.2)
  faraday (~> 1.0)
  faraday_middleware
  fast_blank (= 1.0.1)
  fast_gettext (~> 3.0)
  feature_management_feature_flags (= 1.6.0)
  flipper (= 0.23.1)
  freno-client (~> 0.9.0)
  gemoji (= 4.1.0)
  geo_pattern (~> 1.5)
  geoip2_compat (= 0.0.3)
  get_process_mem (~> 0.2.7)
  gettext (>= 3.3.6)
  gettext_i18n_rails (= 1.12.0)
  gibbon (= 2.2.3.rea42a08)
  github-ds (= 0.5.4)
  github-kredz (= 1.0.1.1135.gf4a4623f5)
  github-kv (= 0.0.1.rdbd1267)
  github-launch (= 1.0.81.133.g6d3bc4bccf)
  github-ldap (= 1.10.1.20.g06d2c92)
  github-linguist (= 8.0.0)
  github-markup (= 5.0.1)
  github-orca (= 0.0.20.429.gd4c32c41)
  github-pages-health-check (= 1.18.2)
  github-proto-octocat (= 1.0.0.r07ac63f)
  github-proto-repositories (= 1.2.11.re9f78aa)
  github-proto-support (= 1.1.1.r1d24950)
  github-proto-users (= 1.3.0.r47a1f7a)
  github-scout (= 0.1.9)
  github-telemetry (= 0.49.8)
  github-trilogy-adapter (= 3.0.0.r2b62ea7)
  github_chatops_extensions (= 0.5.2.96.g33cefed)
  gitrpc!
  google-api-client (~> 0.53)
  google-protobuf (= 3.14.0.1.r907f12546)
  goomba (= 0.0.1.524.g069b966)
  gpgme
  graphql (= 2.3.10)
  graphql-batch (= 0.5.4)
  graphql-client (= 0.23.0)
  graphql-pro (= 1.27.1)
  graphql-schema_comparator (= 1.2.1)
  group_syncer (= 1.6.5.re8320a7d)
  hana (~> 1.3.6)
  hashdiff (= 1.1.0)
  hashids (= 1.0.5)
  homograph-detector (~> 0.1.1)
  horcrux (= 0.1.2)
  hosted-compute-ims (= 0.0.1.r4d1d882f)
  httpclient (= 2.8.3.74.g19790ac)
  hydro-client (= 5.1.0)
  i18n (= 1.14.5)
  inline_svg (= 1.9.0)
  iopromise (= 0.1.5)
  ipaddr (= 1.2.6)
  ipaddress
  issues-graph-client (= 0.9.0.r34eff86f)
  json-schema (~> 4.3)
  json5 (= 0.0.1)
  json_schema (~> 0.20.9)
  jwt (~> 2.1.0)
  kgio (= 2.11.4.2.r5481408)
  kusto-data (= 0.0.1.r613977e)
  ladle (~> 1.0)
  letter_opener (= 1.10.0)
  levenshtein-ffi (= 1.1.0.r4b20df7)
  licensed (= 4.4.0)
  licensee (~> 9.10)
  licensify-client (= 0.9.0)
  liquid
  listen (= 3.3.1)
  logger (~> 1.6.0)
  lookbook (= 2.2.2)
  lru_redux (= 0.8.4.14.g99d8d60)
  lz4-ruby (~> 0.3.3)
  mail (~> 2.6)
  matrix
  memcached (= 1.9.0.r9429dfc)
  meuse-client (= 1.16.0)
  mime-types-data (= 3.2024.0702)
  minitest (~> 5.21)
  minitest-focus (> 1.2.1)
  minitest-stub-const (= 0.6)
  mocha (= 2.4.5)
  mochilo (= 1.3.8.g0a99999)
  monetize (= 1.13.0)
  money (~> 6.19.0)
  money-open-exchange-rates (~> 1.3)
  monolith-twirp-actions-core (= 1.0.81)
  monolith-twirp-actionsresults-core (= 1.17.0)
  monolith-twirp-advisorydb-advisories (= 1.0.1)
  monolith-twirp-auditlog-streaming (= 1.11.2)
  monolith-twirp-billing-accounts (= 1.17.0)
  monolith-twirp-billing-products (= 1.1.0)
  monolith-twirp-billing-repositories (= 1.0.0)
  monolith-twirp-classroom-access_check (= 1.0.0)
  monolith-twirp-classroom-assignment_reuse (= 1.1.0)
  monolith-twirp-classroom-assignments (= 1.0.0)
  monolith-twirp-classroom-classroom_codespaces (= 1.2.0)
  monolith-twirp-classroom-classroom_repositories (= 1.1.1)
  monolith-twirp-classroom-integration (= 1.0.2)
  monolith-twirp-classroom-organizations (= 1.0.1)
  monolith-twirp-classroom-repositories (= 1.0.16)
  monolith-twirp-classroom-sync_classroom (= 1.0.5)
  monolith-twirp-classroom-users (= 1.0.3)
  monolith-twirp-code_scanning-enterprise (= 1.0.0)
  monolith-twirp-code_scanning-managed_analyses (= 1.4.0)
  monolith-twirp-code_scanning-suggested_fixes (= 1.2.0)
  monolith-twirp-code_scanning-turboghas (= 1.4.5)
  monolith-twirp-conduit-feeds (= 1.8.6)
  monolith-twirp-copilot-organizations (= 1.0.9)
  monolith-twirp-copilot-users (= 1.4.4)
  monolith-twirp-copilotapi-agents (= 1.1.8)
  monolith-twirp-copilotapi-chat (= 1.0.50)
  monolith-twirp-copilotapi-code_review (= 1.0.1)
  monolith-twirp-copilotapi-core (= 1.3.1)
  monolith-twirp-copilotapi-knowledge_bases (= 1.2.0)
  monolith-twirp-dependabot-settings (= 1.9.0)
  monolith-twirp-dependency_graph-users (= 1.0.0)
  monolith-twirp-education_web-orgs (= 1.2.0)
  monolith-twirp-education_web-repos (= 1.3.2)
  monolith-twirp-education_web-users (= 1.15.8)
  monolith-twirp-event_hydrator-event_hydration (= 1.3.5)
  monolith-twirp-examples-octocat (= 1.0.1)
  monolith-twirp-features-actors (= 1.0.4)
  monolith-twirp-features-core (= 1.1.1)
  monolith-twirp-features-featureflaghub (= 1.5.0)
  monolith-twirp-features-featuresync (= 1.0.0)
  monolith-twirp-features-groups (= 1.0.0)
  monolith-twirp-git_src_migrator-migrations (= 1.4.1)
  monolith-twirp-git_src_migrator-monolith (= 1.6.3)
  monolith-twirp-insights-auth (= 1.3.0)
  monolith-twirp-insights-core (= 1.12.1)
  monolith-twirp-insights-onboarding (= 1.0.0)
  monolith-twirp-insights-sql (= 1.0.4)
  monolith-twirp-kredz-core (= 1.0.1)
  monolith-twirp-licensing-customers (= 1.4.0)
  monolith-twirp-licensing-repositories (= 1.0.0)
  monolith-twirp-mailreplies-replies (= 1.0.0)
  monolith-twirp-merge-queue-go-mergequeuemonolith (= 1.0.2)
  monolith-twirp-merge-queue-go-mergequeueservice (= 1.0.2)
  monolith-twirp-notifications-notifyd (= 1.2.8)
  monolith-twirp-octoshift-imports (= 1.61.0)
  monolith-twirp-octoshift-migrations (= 1.7.0)
  monolith-twirp-packageregistry-auditlog (= 1.0.2)
  monolith-twirp-pages-pagesdeployerapi (= 1.9.8)
  monolith-twirp-pages-pagesdfsapi (= 1.1.8)
  monolith-twirp-pipelinemonitor-monitoring (= 1.0.2)
  monolith-twirp-proxima-enterprisemanagement (= 1.1.0)
  monolith-twirp-registrymetadata-core (= 1.14.0)
  monolith-twirp-snippy-snippy (= 1.0.4)
  monolith-twirp-spokesd-core (= 1.0.0)
  monolith-twirp-support-helphub (= 1.43.0)
  monolith-twirp-trusttiers-trusttier (= 1.0.3)
  monolith-twirp-webhooks-core (= 1.7.0)
  monolith-twirp-webhooksubscriptions-subscriptions (= 1.2.0)
  msgpack (~> 1.0)
  mustache (= 1.1.1.r28cb499)
  net-ftp
  net-http-persistent (~> 4.0.2)
  net-imap
  net-ldap (= 0.17.1)
  net-pop
  net-smtp
  net_http_unix (~> 0.2.2)
  nokogiri (>= 1.16.2)
  notifyd-client (= 1.7.0.r0e43c1bb1)
  oa-enterprise (= 0.3.2.g3930d46)
  oauth2 (~> 2.0.9)
  observer (= 0.1.2)
  octicons_helper (= 19.11.0)
  octokit (= 4.20.0)
  octolytics (= 0.19.0)
  opentelemetry-exporter-otlp (= 0.27.0)
  org-ruby (= 0.9.12.re74a318)
  packwerk (= 3.2.1)
  packwerk-extensions (= 0.3.0)
  pandoc-ruby (= 2.1.10)
  parallel
  parse_packwerk (= 0.23.0)
  parser (~> 3.3)
  parslet (= 2.0.0)
  pathspec (~> 2.1.0)
  pdf-reader (= 2.12.0)
  phonelib (= 0.8.8.r1dd4d1e)
  pinglish (= 0.2.1)
  prawn (= 2.5.0)
  prawn-svg (= 0.35.1)
  prawn-table (= 0.2.2)
  prelude-batch-loader (= 0.0.5.r09fbb3d)
  premailer (= 1.24.0)
  presto-client (= 0.6.3.r0b63000)
  prime
  primer_view_components (= 0.32.0)
  prism
  progeny (= 0.2.1)
  prometheus_exporter (= 0.5.3)
  prose_diff (= 0.3.3)
  proto-dependabot-api (= 0.0.26.ra219bf26d)
  proto-dependency-graph-api (= 1.0.0.r0fe2c55b1)
  proto-registry-metadata-api (= 1.11.1.1.g0ad5cd3c6)
  proto-registry-metadata-migrator-api (= 1.10.6.83.g459bcec7)
  proto-trust-metadata-api (= 0.11.0.r3f3e5570)
  pry (~> 0.14.2)
  psych (~> 5.1)
  public_suffix (~> 4.0)
  rack (~> 2.2)
  rack-test (= 2.1.0)
  rails-controller-testing (= 1.0.5)
  railties (= 8.0.0.alpha.d7f9347368)
  raindrops (= 0.20.1.2.gb321241)
  rake (~> 13.2)
  rapidjson
  rbi
  rblineprof (= 0.3.7)
  rbnacl (~> 7.0)
  rbtrace (~> 0.5)
  rdoc (~> 6.7)
  re2 (= 2.9.0)
  redis (~> 4.0)
  redis-namespace (= 1.6.0)
  resilient (~> 0.4.0)
  resqued (= 0.13.0)
  rich_text_renderer (~> 0.2.2)
  rinku (= 2.0.6.r8583fe1)
  rollup (= 0.7.0.10.g47bf997)
  rotp (~> 6.3.0)
  rqrcode (= 0.10.1)
  rubocop
  rubocop-ast
  rubocop-github (= 0.21.0.r5431a42)
  rubocop-rails-accessibility (= 1.0.1)
  rubocop-sorbet
  ruby-kafka (= 1.3.0)
  ruby-progressbar (~> 1.7)
  ruby-saml (= 1.16.0.7.g6e33ed3)
  rubypants (= 0.7.0.15.g6478da5)
  rubyzip (= 3.0.0.alpha.18.g5c6a7c9)
  rugged (= 1.4.3.102.ga6b7142)
  s4-client (= 1.2.1.r10ab0de)
  sanitize (~> 6.0)
  sarif (= 0.1.1.r15d659b)
  scientist (= 1.6.4)
  scrolls (= 0.9.3)
  secret-scanning-proto (= 0.0.1.r168781f)
  secure_headers (= 6.7.0)
  securerandom (~> 0.3.1)
  security-center-proto (= 0.0.1.rc56390b)
  selenium-webdriver (~> 4.17)
  service-catalog-client (= 0.7.0)
  serviceowners (= 1.5.0)
  shed (= 0.0.4.2.g2652da3)
  simple_uuid (~> 0.3.0)
  simplecov (~> 0.22.0)
  simplecov-lcov (~> 0.8.0)
  sinatra (= 2.2.3)
  sorbet
  sorbet-runtime (= 0.5.11284)
  sourcemap (= 0.1.1)
  spamurai-dev-kit (= 3.0.1)
  spokes-proto (= 0.0.1.r2967d980)
  sqlite3 (~> 1.6)
  ssh_data (= 1.3.0.20.g4ec1875)
  sshkey (~> 1.3.2)
  stackprof (= 0.2.26)
  statsd-ruby (= 0.3.0.github.3.38.gd478cc7)
  stripe (= 8.7.0)
  syslog (= 0.1.2)
  tapioca (= 0.12.0.r3b454602)
  tcr (= 0.4.0)
  terminal-table (~> 1.6.0)
  thor (~> 1.2)
  timecop (= 0.9.8)
  timeline-client (= 0.0.4.rca2d618)
  toxiproxy (= 2.0.2)
  treelights-client (= 2.0.0.r8bfa33a)
  trilogy (= 2.8.1)
  turboghas-client (= 1.0.0.r999b9015)
  turbomodel-client (= 1.0.0.r570da49)
  turboscan-client (= 1.0.0.rcd41b6629)
  twilio-ruby (= 6.2.0)
  twirp (~> 1.10)
  tzinfo-data
  unicorn (= 6.1.0)
  uuidtools (= 2.1.5.1.gbeb132a)
  vcr (= 6.1.0)
  vernier (= 1.1.1.1.g7e44276)
  version_sorter (= 2.3.0)
  vexi (= 0.2.28)
  vexi_management (= 0.1.5)
  view_component (= 3.13.0)
  wcag_color_contrast (~> 0.1.0)
  webauthn (= 3.1.0)
  webmock (~> 3)
  webrick (= 1.8.1.32.g0c600e1)
  wikicloth (= 0.8.4.github.rf8188e2)
  will_paginate (>= 3.3.1)
  windbeam_api (= 0.15.0)
  xmldsig (= 0.7.0)
  yajl-ruby (= 1.4.3)
  zstd-ruby
  zuorest (= 3.0.2)

BUNDLED WITH
   2.5.4
