PATH
  remote: .
  specs:
    rollup (0.8.0)

GEM
  remote: https://rubygems.org/
  specs:
    minitest (5.18.0)
    rake (13.0.1)

PLATFORMS
  ruby

DEPENDENCIES
  bundler
  minitest
  rake
  rollup!

BUNDLED WITH
   2.4.7
