PATH
  remote: .
  specs:
    sarif (0.1.1)
      activesupport
      ffi

GEM
  remote: https://rubygems.org/
  specs:
    activesupport (7.1.3.2)
      base64
      bigdecimal
      concurrent-ruby (~> 1.0, >= 1.0.2)
      connection_pool (>= 2.2.5)
      drb
      i18n (>= 1.6, < 2)
      minitest (>= 5.1)
      mutex_m
      tzinfo (~> 2.0)
    base64 (0.2.0)
    bigdecimal (3.1.7)
    concurrent-ruby (1.2.3)
    connection_pool (2.4.1)
    drb (2.2.1)
    ffi (1.16.3)
    i18n (1.14.4)
      concurrent-ruby (~> 1.0)
    minitest (5.22.3)
    mutex_m (0.2.0)
    rake (13.2.1)
    rake-compiler (1.2.7)
      rake
    rb_sys (0.9.91)
    tzinfo (2.0.6)
      concurrent-ruby (~> 1.0)

PLATFORMS
  arm64-darwin-22
  arm64-darwin-23
  x86_64-darwin-22
  x86_64-linux

DEPENDENCIES
  minitest (~> 5.21)
  rake (~> 13.1)
  rake-compiler
  rb_sys
  sarif!

BUNDLED WITH
   2.5.3
