PATH
  remote: .
  specs:
    proto-trust-metadata-api (0.11.0)
      faraday (>= 0.17)
      sorbet-runtime
      twirp (~> 1.1)

GEM
  remote: https://rubygems.org/
  specs:
    addressable (2.8.6)
      public_suffix (>= 2.0.2, < 6.0)
    bigdecimal (3.1.8)
    coderay (1.1.3)
    crack (1.0.0)
      bigdecimal
      rexml
    erubi (1.12.0)
    faraday (2.9.0)
      faraday-net_http (>= 2.0, < 3.2)
    faraday-net_http (3.1.0)
      net-http
    google-protobuf (3.25.3-aarch64-linux)
    google-protobuf (3.25.3-arm64-darwin)
    google-protobuf (3.25.3-x86_64-darwin)
    google-protobuf (3.25.3-x86_64-linux)
    hashdiff (1.1.0)
    method_source (1.1.0)
    minitest (5.23.0)
    net-http (0.4.1)
      uri
    netrc (0.11.0)
    parallel (1.24.0)
    prism (0.29.0)
    pry (0.14.2)
      coderay (~> 1.1)
      method_source (~> 1.0)
    public_suffix (5.0.5)
    rack (3.0.11)
    rake (13.2.1)
    rbi (0.1.13)
      prism (>= 0.18.0, < 1.0.0)
      sorbet-runtime (>= 0.5.9204)
    rexml (3.2.8)
      strscan (>= 3.0.9)
    sorbet (0.5.11383)
      sorbet-static (= 0.5.11383)
    sorbet-runtime (0.5.11383)
    sorbet-static (0.5.11383-aarch64-linux)
    sorbet-static (0.5.11383-universal-darwin)
    sorbet-static (0.5.11383-x86_64-linux)
    sorbet-static-and-runtime (0.5.11383)
      sorbet (= 0.5.11383)
      sorbet-runtime (= 0.5.11383)
    spoom (1.3.2)
      erubi (>= 1.10.0)
      prism (>= 0.19.0)
      sorbet-static-and-runtime (>= 0.5.10187)
      thor (>= 0.19.2)
    strscan (3.1.0)
    tapioca (0.14.2)
      bundler (>= 2.2.25)
      netrc (>= 0.11.0)
      parallel (>= 1.21.0)
      rbi (>= 0.1.4, < 0.2)
      sorbet-static-and-runtime (>= 0.5.11087)
      spoom (>= 1.2.0)
      thor (>= 1.2.0)
      yard-sorbet
    thor (1.3.1)
    twirp (1.10.0)
      faraday (< 3)
      google-protobuf (~> 3.0, >= 3.7.0)
    uri (0.13.0)
    vcr (6.2.0)
    webmock (3.23.0)
      addressable (>= 2.8.0)
      crack (>= 0.3.2)
      hashdiff (>= 0.4.0, < 2.0.0)
    yard (0.9.36)
    yard-sorbet (0.8.1)
      sorbet-runtime (>= 0.5)
      yard (>= 0.9)

PLATFORMS
  aarch64-linux
  arm64-darwin
  universal-darwin
  x86_64-darwin
  x86_64-linux

DEPENDENCIES
  bundler (~> 2.4)
  minitest (~> 5.18)
  proto-trust-metadata-api!
  pry
  rack
  rake
  sorbet
  tapioca
  vcr (~> 6.2)
  webmock (~> 3.9)

BUNDLED WITH
   2.5.4
